PATH
  remote: .
  specs:
    hyperledger-fabric-sdk (0.2.1)
      digest-sha3 (~> 1.1)
      faraday (~> 0.17)
      faraday_middleware (~> 0.13)
      google-protobuf (~> 3.10)
      grpc (~> 1.25)
      hashie (~> 4.0)

GEM
  remote: https://rubygems.org/
  specs:
    digest-sha3 (1.1.0)
    faraday (0.17.3)
      multipart-post (>= 1.2, < 3)
    faraday_middleware (0.14.0)
      faraday (>= 0.7.4, < 1.0)
    google-protobuf (3.11.4)
    googleapis-common-protos-types (1.0.4)
      google-protobuf (~> 3.0)
    grpc (1.27.0)
      google-protobuf (~> 3.11)
      googleapis-common-protos-types (~> 1.0)
    hashie (4.1.0)
    multipart-post (2.1.1)
    rake (12.3.3)

PLATFORMS
  ruby

DEPENDENCIES
  bundler (~> 2.0)
  hyperledger-fabric-sdk!
  rake (~> 12.3)

BUNDLED WITH
   2.0.2
